NUGET
  remote: https://www.nuget.org/api/v2
  specs:
    ExtCore (0.8.45) - framework: >= net40
    FAKE (4.22.4)
    Fantomas (2.0.2) - framework: >= net45
      FSharp.Compiler.Service (>= 1.4.0.6)
    FSharp.Compiler.CodeDom (0.9.2) - framework: >= net40
    FSharp.Compiler.Service (2.0.0.6)
    FSharp.Control.Reactive (3.2.0)
      FSharp.Core (>= 3.1.2)
      Rx-Core (>= 2.2.5)
      Rx-Interfaces (>= 2.2.5)
      Rx-Linq (>= 2.2.5)
    FSharp.Core (4.0.0.1)
    Mono.Cecil (0.9.6.1) - framework: >= net40
    Newtonsoft.Json (8.0.3)
    Rx-Core (2.2.5)
      Rx-Interfaces (>= 2.2.5)
    Rx-Interfaces (2.2.5)
    Rx-Linq (2.2.5)
      Rx-Core (>= 2.2.5)
      Rx-Interfaces (>= 2.2.5)
